PATH
  remote: .
  specs:
    swagger_engine (0.0.3)

GEM
  remote: https://rubygems.org/
  specs:
    minitest (5.9.0)

PLATFORMS
  ruby

DEPENDENCIES
  minitest
  swagger_engine!

BUNDLED WITH
   1.11.2
